GEM
  remote: https://rubygems.org/
  specs:
    git (1.5.0)

PLATFORMS
  ruby

DEPENDENCIES
  git

BUNDLED WITH
   1.17.1
